GEM
  remote: http://rubygems.org/
  specs:
    chunky_png (1.3.0)
    daemons (1.1.9)
    eventmachine (1.0.3)
    imgkit (1.4.0)
    rack (1.5.2)
    rack-protection (1.5.2)
      rack
    sinatra (1.4.4)
      rack (~> 1.4)
      rack-protection (~> 1.4)
      tilt (~> 1.3, >= 1.3.4)
    thin (1.6.2)
      daemons (>= 1.0.9)
      eventmachine (>= 1.0.0)
      rack (>= 1.0.0)
    tilt (1.4.1)

PLATFORMS
  ruby

DEPENDENCIES
  chunky_png
  imgkit
  sinatra
  thin
